GEM
  remote: https://rubygems.org/
  specs:
    diff-lcs (1.1.3)
    mkrf (0.2.3)
    rake (0.9.2.2)
    rspec (2.8.0)
      rspec-core (~> 2.8.0)
      rspec-expectations (~> 2.8.0)
      rspec-mocks (~> 2.8.0)
    rspec-core (2.8.0)
    rspec-expectations (2.8.0)
      diff-lcs (~> 1.1.2)
    rspec-mocks (2.8.0)
    ruby-opengl2 (0.60.3)

PLATFORMS
  ruby

DEPENDENCIES
  mkrf
  rake
  rspec
  ruby-opengl2
