GEM
  remote: https://rubygems.org/
  specs:
    mkrf (0.2.3)
    rake (0.9.2.2)
    ruby-opengl2 (0.60.3)

PLATFORMS
  ruby

DEPENDENCIES
  mkrf
  rake
  ruby-opengl2
